GEM
  remote: https://rubygems.org/
  specs:
    byebug (4.0.3)
      columnize (= 0.9.0)
    childprocess (0.5.6)
      ffi (~> 1.0, >= 1.0.11)
    columnize (0.9.0)
    ffi (1.9.8)
    logger (1.2.8)
    multi_json (1.11.0)
    rubyzip (1.1.7)
    selenium-webdriver (2.45.0)
      childprocess (~> 0.5)
      multi_json (~> 1.0)
      rubyzip (~> 1.0)
      websocket (~> 1.0)
    websocket (1.2.2)

PLATFORMS
  ruby

DEPENDENCIES
  byebug
  debugger
  logger
  selenium-webdriver
